GEM
  remote: https://rubygems.org/
  specs:
    colorize (0.7.7)
    diff-lcs (1.2.5)
    gherkin-ruby (0.3.2)
    json (1.8.2)
    rspec (3.2.0)
      rspec-core (~> 3.2.0)
      rspec-expectations (~> 3.2.0)
      rspec-mocks (~> 3.2.0)
    rspec-core (3.2.3)
      rspec-support (~> 3.2.0)
    rspec-expectations (3.2.1)
      diff-lcs (>= 1.2.0, < 2.0)
      rspec-support (~> 3.2.0)
    rspec-mocks (3.2.1)
      diff-lcs (>= 1.2.0, < 2.0)
      rspec-support (~> 3.2.0)
    rspec-support (3.2.2)
    spinach (0.8.10)
      colorize
      gherkin-ruby (>= 0.3.2)
      json

PLATFORMS
  ruby

DEPENDENCIES
  rspec
  spinach
